GEM
  remote: http://rubygems.org/
  specs:
    ansi (1.3.0)
    bones (3.7.1)
      little-plugger (>= 1.1.2)
      loquacious (>= 1.8.1)
      rake (>= 0.8.7)
    diff-lcs (1.1.3)
    growl_notify (0.0.3)
      rb-appscript
    guard (0.8.4)
      thor (~> 0.14.6)
    guard-rspec (0.5.0)
      guard (>= 0.8.4)
    libxml-ruby (2.2.2)
    little-plugger (1.1.2)
    loquacious (1.9.0)
    mime-types (1.16)
    rake (0.9.2)
    rb-appscript (0.6.1)
    rb-fsevent (0.4.3.1)
    rspec (2.6.0)
      rspec-core (~> 2.6.0)
      rspec-expectations (~> 2.6.0)
      rspec-mocks (~> 2.6.0)
    rspec-core (2.6.4)
    rspec-expectations (2.6.0)
      diff-lcs (~> 1.1.2)
    rspec-mocks (2.6.0)
    safe_shell (1.0.1)
    term-ansicolor (1.0.6)
    thor (0.14.6)
    turn (0.8.3)
      ansi
    wand (0.4)
      mime-types
      safe_shell (~> 1.0.0)

PLATFORMS
  ruby

DEPENDENCIES
  bones
  growl_notify
  guard
  guard-rspec
  libxml-ruby
  rb-fsevent
  rspec
  term-ansicolor
  turn
  wand
