GEM
  remote: http://rubygems.org/
  specs:
    bones (3.7.1)
      little-plugger (>= 1.1.2)
      loquacious (>= 1.8.1)
      rake (>= 0.8.7)
    diff-lcs (1.1.3)
    ffi (1.0.9)
    growl_notify (0.0.3)
      rb-appscript
    guard (0.8.4)
      thor (~> 0.14.6)
    guard-rspec (0.5.0)
      guard (>= 0.8.4)
    json (1.6.1)
    libnotify (0.5.7)
    libxml-ruby (2.2.2)
    little-plugger (1.1.2)
    loquacious (1.9.0)
    mime-types (1.16)
    rake (0.9.2)
    rb-appscript (0.6.1)
    rb-fsevent (0.4.3.1)
    rb-inotify (0.8.8)
      ffi (>= 0.5.0)
    rspec (2.6.0)
      rspec-core (~> 2.6.0)
      rspec-expectations (~> 2.6.0)
      rspec-mocks (~> 2.6.0)
    rspec-core (2.6.4)
    rspec-expectations (2.6.0)
      diff-lcs (~> 1.1.2)
    rspec-mocks (2.6.0)
    safe_shell (1.0.1)
    term-ansicolor (1.0.7)
    thor (0.14.6)
    wand (0.4)
      mime-types
      safe_shell (~> 1.0.0)
    zucker (11)

PLATFORMS
  ruby

DEPENDENCIES
  bones
  growl_notify
  guard
  guard-rspec
  json
  libnotify
  libxml-ruby
  rb-fsevent
  rb-inotify
  rspec
  term-ansicolor
  wand
  win32console
  zucker
