GEM
  remote: http://rubygems.org/
  specs:
    bones (3.7.1)
      little-plugger (>= 1.1.2)
      loquacious (>= 1.8.1)
      rake (>= 0.8.7)
    libxml-ruby (2.2.2)
    little-plugger (1.1.2)
    loquacious (1.9.0)
    mime-types (1.16)
    rake (0.9.2)
    safe_shell (1.0.1)
    term-ansicolor (1.0.6)
    wand (0.4)
      mime-types
      safe_shell (~> 1.0.0)

PLATFORMS
  ruby

DEPENDENCIES
  bones
  libxml-ruby
  term-ansicolor
  wand
