GEM
  remote: http://rubygems.org/
  specs:
    bones (3.8.0)
      little-plugger (~> 1.1.3)
      loquacious (~> 1.9.1)
      rake (>= 0.8.7)
    coderay (1.0.8)
    diff-lcs (1.1.3)
    ffi (1.2.0)
    growl_notify (0.0.3)
      rb-appscript
    guard (1.6.0)
      listen (>= 0.6.0)
      lumberjack (>= 1.0.2)
      pry (>= 0.9.10)
      thor (>= 0.14.6)
    guard-rspec (2.3.3)
      guard (>= 1.1)
      rspec (~> 2.11)
    json (2.3.0)
    libnotify (0.8.0)
      ffi (>= 1.0.11)
    libxml-ruby (2.2.2)
    listen (0.6.0)
    little-plugger (1.1.3)
    loquacious (1.9.1)
    lumberjack (1.0.2)
    method_source (0.8.1)
    mime-types (1.19)
    pry (0.9.10)
      coderay (~> 1.0.5)
      method_source (~> 0.8)
      slop (~> 3.3.1)
    rake (13.0.1)
    rb-appscript (0.6.1)
    rb-fsevent (0.9.2)
    rb-inotify (0.8.8)
      ffi (>= 0.5.0)
    rspec (2.12.0)
      rspec-core (~> 2.12.0)
      rspec-expectations (~> 2.12.0)
      rspec-mocks (~> 2.12.0)
    rspec-core (2.12.2)
    rspec-expectations (2.12.1)
      diff-lcs (~> 1.1.3)
    rspec-mocks (2.12.1)
    safe_shell (1.0.2)
    slop (3.3.3)
    term-ansicolor (1.0.7)
    thor (0.16.0)
    wand (0.4)
      mime-types
      safe_shell (~> 1.0.0)
    zucker (12.1)

PLATFORMS
  ruby

DEPENDENCIES
  bones
  growl_notify
  guard
  guard-rspec
  json
  libnotify
  libxml-ruby (~> 2.2.2)
  rb-fsevent
  rb-inotify
  rspec
  term-ansicolor
  wand
  win32console
  zucker
